GIT
  remote: https://github.com/hanami/helpers.git
  revision: 1b1c2cf49c95cbb93ff27f6b10b52b72783217d0
  branch: task/hanami-view-2-compat
  specs:
    hanami-helpers (2.0.0.alpha1)
      hanami-utils (~> 2.0.0.alpha)

GEM
  remote: https://rubygems.org/
  specs:
    addressable (2.8.0)
      public_suffix (>= 2.0.2, < 5.0)
    ast (2.4.2)
    byebug (11.1.3)
    capybara (3.36.0)
      addressable
      matrix
      mini_mime (>= 0.1.3)
      nokogiri (~> 1.8)
      rack (>= 1.6.0)
      rack-test (>= 0.6.3)
      regexp_parser (>= 1.5, < 3.0)
      xpath (~> 3.2)
    concurrent-ruby (1.1.9)
    database_cleaner-core (2.0.1)
    database_cleaner-sequel (2.0.0)
      database_cleaner-core (~> 2.0.0)
      sequel
    diff-lcs (1.5.0)
    docile (1.4.0)
    dotenv (2.7.6)
    dry-auto_inject (0.9.0)
      dry-container (>= 0.3.4)
    dry-cli (0.7.0)
    dry-configurable (0.14.0)
      concurrent-ruby (~> 1.0)
      dry-core (~> 0.6)
    dry-container (0.9.0)
      concurrent-ruby (~> 1.0)
      dry-configurable (~> 0.13, >= 0.13.0)
    dry-core (0.7.1)
      concurrent-ruby (~> 1.0)
    dry-equalizer (0.3.0)
    dry-events (0.3.0)
      concurrent-ruby (~> 1.0)
      dry-core (~> 0.5, >= 0.5)
    dry-files (0.1.0)
    dry-inflector (0.2.1)
    dry-initializer (3.1.1)
    dry-logic (1.2.0)
      concurrent-ruby (~> 1.0)
      dry-core (~> 0.5, >= 0.5)
    dry-monitor (0.5.0)
      dry-configurable (~> 0.13, >= 0.13.0)
      dry-core (~> 0.5, >= 0.5)
      dry-events (~> 0.2)
    dry-schema (1.8.0)
      concurrent-ruby (~> 1.0)
      dry-configurable (~> 0.13, >= 0.13.0)
      dry-core (~> 0.5, >= 0.5)
      dry-initializer (~> 3.0)
      dry-logic (~> 1.0)
      dry-types (~> 1.5)
    dry-struct (1.4.0)
      dry-core (~> 0.5, >= 0.5)
      dry-types (~> 1.5)
      ice_nine (~> 0.11)
    dry-system (0.23.0)
      concurrent-ruby (~> 1.0)
      dry-auto_inject (>= 0.4.0)
      dry-configurable (~> 0.14, >= 0.14.0)
      dry-container (~> 0.9, >= 0.9.0)
      dry-core (~> 0.5, >= 0.5)
      dry-inflector (~> 0.1, >= 0.1.2)
      dry-struct (~> 1.0)
    dry-transformer (0.1.1)
    dry-types (1.5.1)
      concurrent-ruby (~> 1.0)
      dry-container (~> 0.3)
      dry-core (~> 0.5, >= 0.5)
      dry-inflector (~> 0.1, >= 0.1.2)
      dry-logic (~> 1.0, >= 1.0.2)
    dry-validation (1.7.0)
      concurrent-ruby (~> 1.0)
      dry-container (~> 0.7, >= 0.7.1)
      dry-core (~> 0.5, >= 0.5)
      dry-initializer (~> 3.0)
      dry-schema (~> 1.8, >= 1.8.0)
    erbse (0.1.4)
      temple
    faker (2.19.0)
      i18n (>= 1.6, < 2)
    hanami (2.0.0.alpha6)
      bundler (>= 1.16, < 3)
      dry-configurable (~> 0.12, >= 0.12.1)
      dry-core (~> 0.4)
      dry-inflector (~> 0.2, >= 0.2.1)
      dry-monitor
      dry-system (~> 0.23, >= 0.23.0)
      hanami-cli (~> 2.0.alpha)
      hanami-utils (~> 2.0.alpha)
      zeitwerk (~> 2.4)
    hanami-cli (2.0.0.alpha6)
      bundler (~> 2.1)
      dry-cli (~> 0.6)
      dry-files (~> 0.1)
      dry-inflector (~> 0.2)
      rake (~> 13.0)
    hanami-controller (2.0.0.alpha6)
      dry-configurable (~> 0.13, >= 0.13.0)
      hanami-utils (~> 2.0.alpha)
      rack (~> 2.0)
    hanami-router (2.0.0.alpha6)
      mustermann (~> 1.0)
      mustermann-contrib (~> 1.0)
      rack (~> 2.0)
    hanami-utils (2.0.0.alpha6)
      concurrent-ruby (~> 1.0)
      dry-transformer (~> 0.1)
    hanami-validations (2.0.0.alpha1)
      dry-validation (~> 1.0)
    hanami-view (2.0.0.alpha6)
      concurrent-ruby (~> 1.0)
      dry-configurable (~> 0.13, >= 0.13.0)
      dry-core (~> 0.5, >= 0.5)
      dry-inflector (~> 0.1)
      tilt (~> 2.0, >= 2.0.6)
    hansi (0.2.0)
    i18n (1.9.1)
      concurrent-ruby (~> 1.0)
    ice_nine (0.11.2)
    matrix (0.4.2)
    mini_mime (1.1.2)
    mini_portile2 (2.7.1)
    mustermann (1.1.1)
      ruby2_keywords (~> 0.0.1)
    mustermann-contrib (1.1.1)
      hansi (~> 0.2.0)
      mustermann (= 1.1.1)
    nio4r (2.5.8)
    nokogiri (1.13.1)
      mini_portile2 (~> 2.7.0)
      racc (~> 1.4)
    parallel (1.21.0)
    parser (3.1.0.0)
      ast (~> 2.4.1)
    public_suffix (4.0.6)
    puma (5.6.1)
      nio4r (~> 2.0)
    racc (1.6.0)
    rack (2.2.3)
    rack-test (1.1.0)
      rack (>= 1.0, < 3)
    rainbow (3.1.1)
    rake (13.0.6)
    regexp_parser (2.2.0)
    rexml (3.2.5)
    rom (5.2.6)
      rom-changeset (~> 5.2, >= 5.2.3)
      rom-core (~> 5.2, >= 5.2.5)
      rom-repository (~> 5.2, >= 5.2.2)
    rom-changeset (5.2.3)
      dry-core (~> 0.4)
      rom-core (~> 5.2)
      transproc (~> 1.0, >= 1.1.0)
    rom-core (5.2.6)
      concurrent-ruby (~> 1.1)
      dry-container (~> 0.7)
      dry-core (~> 0.4)
      dry-equalizer (~> 0.2)
      dry-inflector (~> 0.1)
      dry-initializer (~> 3.0, >= 3.0.1)
      dry-struct (~> 1.0)
      dry-types (~> 1.0)
      transproc (~> 1.0, >= 1.1.0)
    rom-factory (0.10.2)
      dry-configurable (~> 0.7)
      dry-core (~> 0.4)
      faker (>= 1.7, < 3.0)
      rom-core (~> 5.0)
    rom-repository (5.2.2)
      dry-core (~> 0.4)
      dry-initializer (~> 3.0, >= 3.0.1)
      rom-core (~> 5.2, >= 5.2.2)
    rom-sql (3.5.0)
      dry-core (~> 0.5, >= 0.5)
      dry-types (~> 1.0)
      rom (~> 5.2, >= 5.2.1)
      sequel (>= 4.49)
    rspec (3.11.0)
      rspec-core (~> 3.11.0)
      rspec-expectations (~> 3.11.0)
      rspec-mocks (~> 3.11.0)
    rspec-core (3.11.0)
      rspec-support (~> 3.11.0)
    rspec-expectations (3.11.0)
      diff-lcs (>= 1.2.0, < 2.0)
      rspec-support (~> 3.11.0)
    rspec-mocks (3.11.0)
      diff-lcs (>= 1.2.0, < 2.0)
      rspec-support (~> 3.11.0)
    rspec-support (3.11.0)
    rubocop (1.25.1)
      parallel (~> 1.10)
      parser (>= 3.1.0.0)
      rainbow (>= 2.2.2, < 4.0)
      regexp_parser (>= 1.8, < 3.0)
      rexml
      rubocop-ast (>= 1.15.1, < 2.0)
      ruby-progressbar (~> 1.7)
      unicode-display_width (>= 1.4.0, < 3.0)
    rubocop-ast (1.15.1)
      parser (>= 3.0.1.1)
    ruby-progressbar (1.11.0)
    ruby2_keywords (0.0.5)
    sequel (5.53.0)
    shotgun (0.9.2)
      rack (>= 1.0)
    simplecov (0.21.2)
      docile (~> 1.1)
      simplecov-html (~> 0.11)
      simplecov_json_formatter (~> 0.1)
    simplecov-html (0.12.3)
    simplecov_json_formatter (0.1.3)
    sqlite3 (1.4.2)
    temple (0.8.2)
    tilt (2.0.10)
    transproc (1.1.1)
    unicode-display_width (2.1.0)
    xpath (3.2.0)
      nokogiri (~> 1.8)
    zeitwerk (2.5.4)

PLATFORMS
  ruby

DEPENDENCIES
  byebug
  capybara (~> 3.0)
  database_cleaner-sequel (~> 2.0)
  dotenv (~> 2.7)
  dry-types (~> 1.0)
  erbse (~> 0.1)
  hanami (~> 2.0.0.alpha6)
  hanami-controller (~> 2.0.0.alpha6)
  hanami-helpers!
  hanami-router (~> 2.0.0.alpha6)
  hanami-validations (~> 2.0.0.alpha1)
  hanami-view (~> 2.0.0.alpha6)
  puma
  rake
  rom (~> 5.2)
  rom-factory (~> 0.10)
  rom-sql (~> 3.2)
  rspec (~> 3.9)
  rubocop
  sequel (~> 5.32)
  shotgun
  simplecov (~> 0.17)
  sqlite3

BUNDLED WITH
   2.2.32
